GEM
  remote: http://rubygems.org/
  specs:
    chunky_png (1.2.0)
    compass (0.11.3)
      chunky_png (~> 1.2)
      fssm (>= 0.2.7)
      sass (~> 3.1)
    fssm (0.2.7)
    haml (3.1.1)
    hpricot (0.8.4)
    sass (3.1.2)

PLATFORMS
  ruby

DEPENDENCIES
  compass (>= 0.11.3)
  haml (~> 3.1.1)
  hpricot
